GEM
  specs:
    coderay (1.0.9)
    method_source (0.8.1)
    pry (0.9.12)
      coderay (~> 1.0.5)
      method_source (~> 0.8)
      slop (~> 3.4)
    ruby-protocol-buffers (1.3.2)
    slop (3.4.3)

PLATFORMS
  ruby

DEPENDENCIES
  pry
  ruby-protocol-buffers
